GEM
  remote: https://rubygems.org/
  specs:
    httpclient (2.8.0)
    mime-types (3.1)
      mime-types-data (~> 3.2015)
    mime-types-data (3.2016.0521)
    oj (2.18.1)

PLATFORMS
  ruby

DEPENDENCIES
  httpclient (~> 2.8)
  mime-types (~> 3.1)
  oj (~> 2.18)

RUBY VERSION
   ruby 2.4.0p0

BUNDLED WITH
   1.14.4
