GEM
  remote: https://rubygems.org/
  specs:
    httpclient (2.7.1)
    mime-types (3.0)
      mime-types-data (~> 3.2015)
    mime-types-data (3.2016.0221)
    oj (2.15.0)

PLATFORMS
  ruby

DEPENDENCIES
  httpclient (~> 2.7)
  mime-types (~> 3.0)
  oj (~> 2.15)

BUNDLED WITH
   1.11.2
